GEM
  remote: https://rubygems.org/
  specs:
    json (2.3.1-java)
    recaptcha (5.6.0)
      json

PLATFORMS
  java

DEPENDENCIES
  recaptcha

BUNDLED WITH
   2.1.4
